GEM
  remote: https://rubygems.org/
  specs:
    activesupport (4.2.6)
      i18n (~> 0.7)
      json (~> 1.7, >= 1.7.7)
      minitest (~> 5.1)
      thread_safe (~> 0.3, >= 0.3.4)
      tzinfo (~> 1.1)
    addressable (2.4.0)
    colored (1.2)
    ethon (0.9.0)
      ffi (>= 1.3.0)
    execjs (2.7.0)
    ffi (1.9.10)
    ffi (1.9.10-x64-mingw32)
    filewatcher (0.5.3)
      trollop (~> 2.0)
    html-proofer (3.0.6)
      activesupport (~> 4.2)
      addressable (~> 2.3)
      colored (~> 1.2)
      mercenary (~> 0.3.2)
      nokogiri (~> 1.5)
      parallel (~> 1.3)
      typhoeus (~> 0.7)
      yell (~> 2.0)
    httparty (0.13.7)
      json (~> 1.8)
      multi_xml (>= 0.5.2)
    i18n (0.7.0)
    json (1.8.3)
    launchy (2.4.3)
      addressable (~> 2.3)
    mercenary (0.3.6)
    mimemagic (0.3.1)
    mini_portile (0.6.2)
    minitest (5.9.0)
    multi_json (1.12.1)
    multi_xml (0.5.5)
    nokogiri (1.6.6.2)
      mini_portile (~> 0.6.0)
    nokogiri (1.6.6.2-x64-mingw32)
      mini_portile (~> 0.6.0)
    parallel (1.9.0)
    rake (10.3.2)
    sass (3.4.22)
    shopify_theme (0.0.25)
      filewatcher
      httparty (~> 0.13.0)
      json (~> 1.8.0)
      launchy
      mimemagic
      thor (>= 0.14.4)
    thor (0.19.1)
    thread_safe (0.3.5)
    trollop (2.1.2)
    typhoeus (0.8.0)
      ethon (>= 0.8.0)
    tzinfo (1.2.2)
      thread_safe (~> 0.1)
    uglifier (2.1.2)
      execjs (>= 0.3.0)
      multi_json (~> 1.0, >= 1.0.2)
    yell (2.0.6)

PLATFORMS
  ruby
  x64-mingw32

DEPENDENCIES
  html-proofer
  rake (~> 10.3.2)
  sass (~> 3.4.10)
  shopify_theme
  uglifier (= 2.1.2)

BUNDLED WITH
   1.12.5
